GEM
  remote: https://rubygems.org/
  specs:
    activesupport (4.2.7)
      i18n (~> 0.7)
      json (~> 1.7, >= 1.7.7)
      minitest (~> 5.1)
      thread_safe (~> 0.3, >= 0.3.4)
      tzinfo (~> 1.1)
    addressable (2.4.0)
    autoparse (0.3.3)
      addressable (>= 2.3.1)
      extlib (>= 0.9.15)
      multi_json (>= 1.0.0)
    coffee-script (2.4.1)
      coffee-script-source
      execjs
    coffee-script-source (1.10.0)
    colorator (1.1.0)
    colored (1.2)
    commonjs (0.2.7)
    ethon (0.9.0)
      ffi (>= 1.3.0)
    execjs (2.7.0)
    extlib (0.9.16)
    faraday (0.9.2)
      multipart-post (>= 1.2, < 3)
    ffi (1.9.14)
    font-awesome-less (4.6.2)
      less (>= 2.4.0)
    forwardable-extended (2.6.0)
    gemoji (2.1.0)
    github-pages (93)
      activesupport (= 4.2.7)
      github-pages-health-check (= 1.2.0)
      jekyll (= 3.2.1)
      jekyll-coffeescript (= 1.0.1)
      jekyll-feed (= 0.5.1)
      jekyll-gist (= 1.4.0)
      jekyll-github-metadata (= 2.0.2)
      jekyll-mentions (= 1.1.3)
      jekyll-paginate (= 1.1.0)
      jekyll-redirect-from (= 0.11.0)
      jekyll-sass-converter (= 1.3.0)
      jekyll-seo-tag (= 2.0.0)
      jekyll-sitemap (= 0.10.0)
      jemoji (= 0.7.0)
      kramdown (= 1.11.1)
      liquid (= 3.0.6)
      listen (= 3.0.6)
      mercenary (~> 0.3)
      minima (= 1.0.1)
      rouge (= 1.11.1)
      terminal-table (~> 1.4)
    github-pages-health-check (1.2.0)
      addressable (~> 2.3)
      net-dns (~> 0.8)
      octokit (~> 4.0)
      public_suffix (~> 1.4)
      typhoeus (~> 0.7)
    google-api-client (0.8.7)
      activesupport (>= 3.2, < 5.0)
      addressable (~> 2.3)
      autoparse (~> 0.3)
      extlib (~> 0.9)
      faraday (~> 0.9)
      googleauth (~> 0.3)
      launchy (~> 2.4)
      multi_json (~> 1.10)
      retriable (~> 1.4)
      signet (~> 0.6)
    google_drive (1.0.6)
      google-api-client (>= 0.7.0, < 0.9)
      nokogiri (>= 1.4.4, != 1.5.2, != 1.5.1)
      oauth (>= 0.3.6)
      oauth2 (>= 0.5.0)
    googleauth (0.5.1)
      faraday (~> 0.9)
      jwt (~> 1.4)
      logging (~> 2.0)
      memoist (~> 0.12)
      multi_json (~> 1.11)
      os (~> 0.9)
      signet (~> 0.7)
    highline (1.7.8)
    html-pipeline (2.4.2)
      activesupport (>= 2)
      nokogiri (>= 1.4)
    html-proofer (3.0.6)
      activesupport (~> 4.2)
      addressable (~> 2.3)
      colored (~> 1.2)
      mercenary (~> 0.3.2)
      nokogiri (~> 1.5)
      parallel (~> 1.3)
      typhoeus (~> 0.7)
      yell (~> 2.0)
    i18n (0.7.0)
    jekyll (3.2.1)
      colorator (~> 1.0)
      jekyll-sass-converter (~> 1.0)
      jekyll-watch (~> 1.1)
      kramdown (~> 1.3)
      liquid (~> 3.0)
      mercenary (~> 0.3.3)
      pathutil (~> 0.9)
      rouge (~> 1.7)
      safe_yaml (~> 1.0)
    jekyll-app-engine (0.1.0)
    jekyll-coffeescript (1.0.1)
      coffee-script (~> 2.2)
    jekyll-feed (0.5.1)
    jekyll-gdrive (0.4.0)
      google_drive (~> 1.0)
      highline
    jekyll-gist (1.4.0)
      octokit (~> 4.2)
    jekyll-github-metadata (2.0.2)
      jekyll (~> 3.1)
      octokit (~> 4.0)
    jekyll-mentions (1.1.3)
      html-pipeline (~> 2.3)
      jekyll (~> 3.0)
    jekyll-paginate (1.1.0)
    jekyll-redirect-from (0.11.0)
      jekyll (>= 2.0)
    jekyll-sass-converter (1.3.0)
      sass (~> 3.2)
    jekyll-seo-tag (2.0.0)
      jekyll (~> 3.1)
    jekyll-sitemap (0.10.0)
    jekyll-watch (1.5.0)
      listen (~> 3.0, < 3.1)
    jekyll-youtube (1.0.0)
      jekyll
    jemoji (0.7.0)
      activesupport (~> 4.0)
      gemoji (~> 2.0)
      html-pipeline (~> 2.2)
      jekyll (>= 3.0)
    json (1.8.3)
    jwt (1.5.4)
    kramdown (1.11.1)
    launchy (2.4.3)
      addressable (~> 2.3)
    less (2.6.0)
      commonjs (~> 0.2.7)
    liquid (3.0.6)
    listen (3.0.6)
      rb-fsevent (>= 0.9.3)
      rb-inotify (>= 0.9.7)
    little-plugger (1.1.4)
    logging (2.1.0)
      little-plugger (~> 1.1)
      multi_json (~> 1.10)
    memoist (0.15.0)
    mercenary (0.3.6)
    mini_portile2 (2.1.0)
    minima (1.0.1)
    minitest (5.9.0)
    multi_json (1.12.1)
    multi_xml (0.5.5)
    multipart-post (2.0.0)
    net-dns (0.8.0)
    nokogiri (1.6.8)
      mini_portile2 (~> 2.1.0)
      pkg-config (~> 1.1.7)
    oauth (0.5.1)
    oauth2 (1.2.0)
      faraday (>= 0.8, < 0.10)
      jwt (~> 1.0)
      multi_json (~> 1.3)
      multi_xml (~> 0.5)
      rack (>= 1.2, < 3)
    octokit (4.3.0)
      sawyer (~> 0.7.0, >= 0.5.3)
    os (0.9.6)
    parallel (1.9.0)
    pathutil (0.14.0)
      forwardable-extended (~> 2.6)
    pkg-config (1.1.7)
    public_suffix (1.5.3)
    rack (2.0.1)
    rb-fsevent (0.9.7)
    rb-inotify (0.9.7)
      ffi (>= 0.5.0)
    retriable (1.4.1)
    rouge (1.11.1)
    safe_yaml (1.0.4)
    sass (3.4.22)
    sawyer (0.7.0)
      addressable (>= 2.3.5, < 2.5)
      faraday (~> 0.8, < 0.10)
    signet (0.7.3)
      addressable (~> 2.3)
      faraday (~> 0.9)
      jwt (~> 1.5)
      multi_json (~> 1.10)
    terminal-table (1.6.0)
    thread_safe (0.3.5)
    typhoeus (0.8.0)
      ethon (>= 0.8.0)
    tzinfo (1.2.2)
      thread_safe (~> 0.1)
    yell (2.0.6)

PLATFORMS
  ruby

DEPENDENCIES
  font-awesome-less
  github-pages (= 93)
  html-proofer
  jekyll-app-engine
  jekyll-gdrive
  jekyll-paginate
  jekyll-sitemap
  jekyll-youtube
  json

BUNDLED WITH
   1.12.5
